GEM
  remote: https://rubygems.org/
  specs:
    faraday (1.10.2)
      faraday-em_http (~> 1.0)
      faraday-em_synchrony (~> 1.0)
      faraday-excon (~> 1.1)
      faraday-httpclient (~> 1.0)
      faraday-multipart (~> 1.0)
      faraday-net_http (~> 1.0)
      faraday-net_http_persistent (~> 1.0)
      faraday-patron (~> 1.0)
      faraday-rack (~> 1.0)
      faraday-retry (~> 1.0)
      ruby2_keywords (>= 0.0.4)
    faraday-em_http (1.0.0)
    faraday-em_synchrony (1.0.0)
    faraday-excon (1.1.0)
    faraday-httpclient (1.0.1)
    faraday-multipart (1.0.4)
      multipart-post (~> 2)
    faraday-net_http (1.0.1)
    faraday-net_http_persistent (1.2.0)
    faraday-patron (1.0.0)
    faraday-rack (1.0.0)
    faraday-retry (1.0.3)
    hashie (5.0.0)
    inflection (1.0.0)
    mini_mime (1.1.2)
    multipart-post (2.2.3)
    ruby2_keywords (0.0.5)
    zendesk_api (1.34.0)
      faraday (>= 0.9.0, < 2.0.0)
      hashie (>= 3.5.2, < 6.0.0)
      inflection
      mini_mime
      multipart-post (~> 2.0)

PLATFORMS
  ruby

DEPENDENCIES
  inflection (= 1.0.0)
  zendesk_api (= 1.34.0)

BUNDLED WITH
   2.3.9
