GEM
  remote: https://rubygems.org/
  specs:
    hashie (5.0.0)
    macaddr (1.0.0)
    mini_portile2 (2.8.0)
    nokogiri (1.13.8)
      mini_portile2 (~> 2.8.0)
      racc (~> 1.4)
    omniauth (1.9.2)
      hashie (>= 3.4.6)
      rack (>= 1.6.2, < 3)
    omniauth-saml (1.9.0)
      omniauth (~> 1.3, >= 1.3.2)
      ruby-saml (~> 1.4, >= 1.4.3)
    racc (1.6.0)
    rack (2.2.4)
    rexml (3.2.5)
    ruby-saml (1.13.0)
      nokogiri (>= 1.10.5)
      rexml
    uuid (2.3.7)
      macaddr (~> 1.0)

PLATFORMS
  ruby

DEPENDENCIES
  macaddr (= 1.0.0)
  omniauth-saml (= 1.9.0)
  rexml (= 3.2.5)
  ruby-saml (= 1.13.0)
  uuid (= 2.3.7)

BUNDLED WITH
   2.3.9
